GEM
  remote: https://rubygems.org/
  specs:
    domain_name (0.5.15)
      unf (>= 0.0.5, < 1.0.0)
    halidator (0.5.0)
      json (>= 1.6.0)
      json-schema (>= 1.0.0)
    http-cookie (1.0.2)
      domain_name (~> 0.5)
    httparty (0.11.0)
      multi_json (~> 1.0)
      multi_xml (>= 0.5.2)
    json (1.8.0)
    json-schema (2.1.3)
    multi_json (1.7.7)
    multi_xml (0.5.4)
    unf (0.1.3)
      unf_ext
    unf_ext (0.0.6)

PLATFORMS
  ruby

DEPENDENCIES
  halidator
  http-cookie
  httparty
