GEM
  remote: https://rubygems.org/
  specs:
    halidator (0.5.0)
      json (>= 1.6.0)
      json-schema (>= 1.0.0)
    httparty (0.11.0)
      multi_json (~> 1.0)
      multi_xml (>= 0.5.2)
    json (1.8.0)
    json-schema (2.1.3)
    multi_json (1.7.7)
    multi_xml (0.5.4)

PLATFORMS
  ruby

DEPENDENCIES
  halidator
  httparty
